PATH
  remote: .
  specs:
    jazzy (0.1.4)
      cocoapods (~> 0.36.0.rc.1)
      mustache (~> 0.99)
      open4
      redcarpet (~> 3.2)
      rouge (~> 1.5)
      sass (~> 3.4)
      sqlite3 (~> 1.3)

GEM
  remote: http://rubygems.org/
  specs:
    activesupport (4.2.1)
      i18n (~> 0.7)
      json (~> 1.7, >= 1.7.7)
      minitest (~> 5.1)
      thread_safe (~> 0.3, >= 0.3.4)
      tzinfo (~> 1.1)
    addressable (2.3.8)
    ast (2.0.0)
    astrolabe (1.3.0)
      parser (>= 2.2.0.pre.3, < 3.0)
    bacon (1.2.0)
    claide (0.8.1)
    clintegracon (0.5.3)
      colored (~> 1.2)
      diffy
    cocoapods (0.36.1)
      activesupport (>= 3.2.15)
      claide (~> 0.8.1)
      cocoapods-core (= 0.36.1)
      cocoapods-downloader (~> 0.8.1)
      cocoapods-plugins (~> 0.4.1)
      cocoapods-trunk (~> 0.6.0)
      cocoapods-try (~> 0.4.3)
      colored (~> 1.2)
      escape (~> 0.0.4)
      molinillo (~> 0.2.1)
      nap (~> 0.8)
      open4 (~> 1.3)
      xcodeproj (~> 0.23.1)
    cocoapods-core (0.36.1)
      activesupport (>= 3.2.15)
      fuzzy_match (~> 2.0.4)
      nap (~> 0.8.0)
    cocoapods-downloader (0.8.1)
    cocoapods-plugins (0.4.1)
      nap
    cocoapods-trunk (0.6.0)
      nap (>= 0.8)
      netrc (= 0.7.8)
    cocoapods-try (0.4.3)
    colored (1.2)
    crack (0.4.2)
      safe_yaml (~> 1.0.0)
    diffy (3.0.7)
    escape (0.0.4)
    fuzzy_match (2.0.4)
    i18n (0.7.0)
    json (1.8.2)
    metaclass (0.0.4)
    minitest (5.5.1)
    mocha (1.1.0)
      metaclass (~> 0.0.1)
    mocha-on-bacon (0.2.2)
      mocha (>= 0.13.0)
    molinillo (0.2.3)
    mustache (0.99.8)
    nap (0.8.0)
    netrc (0.7.8)
    open4 (1.3.4)
    parser (2.2.0.3)
      ast (>= 1.1, < 3.0)
    powerpack (0.1.0)
    prettybacon (0.0.2)
      bacon (~> 1.2)
    rainbow (2.0.0)
    rake (10.4.2)
    redcarpet (3.2.2)
    rouge (1.8.0)
    rubocop (0.29.1)
      astrolabe (~> 1.3)
      parser (>= 2.2.0.1, < 3.0)
      powerpack (~> 0.1)
      rainbow (>= 1.99.1, < 3.0)
      ruby-progressbar (~> 1.4)
    ruby-progressbar (1.7.5)
    safe_yaml (1.0.4)
    sass (3.4.13)
    sqlite3 (1.3.10)
    thread_safe (0.3.5)
    tzinfo (1.2.2)
      thread_safe (~> 0.1)
    webmock (1.20.4)
      addressable (>= 2.3.6)
      crack (>= 0.3.2)
    xcodeproj (0.23.1)
      activesupport (>= 3)
      colored (~> 1.2)

PLATFORMS
  ruby

DEPENDENCIES
  bacon
  bundler (~> 1.7)
  clintegracon (= 0.5.3)
  diffy
  jazzy!
  mocha
  mocha-on-bacon
  prettybacon
  rake (~> 10.3)
  rubocop
  webmock
